GEM
  remote: https://rubygems.org/
  specs:
    addressable (2.3.2)
    builder (3.1.4)
    childprocess (0.3.6)
      ffi (~> 1.0, >= 1.0.6)
    coderay (1.0.8)
    cucumber (1.2.1)
      builder (>= 2.1.2)
      diff-lcs (>= 1.1.3)
      gherkin (~> 2.11.0)
      json (>= 1.4.6)
    diff-lcs (1.1.3)
    ffi (1.2.0)
    gherkin (2.11.5)
      json (>= 1.4.6)
    json (1.7.5)
    libwebsocket (0.1.7.1)
      addressable
      websocket
    method_source (0.8.1)
    multi_json (1.4.0)
    pry (0.9.10)
      coderay (~> 1.0.5)
      method_source (~> 0.8)
      slop (~> 3.3.1)
    rspec (2.12.0)
      rspec-core (~> 2.12.0)
      rspec-expectations (~> 2.12.0)
      rspec-mocks (~> 2.12.0)
    rspec-core (2.12.1)
    rspec-expectations (2.12.0)
      diff-lcs (~> 1.1.3)
    rspec-mocks (2.12.0)
    rubyzip (0.9.9)
    selenium-webdriver (2.26.0)
      childprocess (>= 0.2.5)
      libwebsocket (~> 0.1.3)
      multi_json (~> 1.0)
      rubyzip
    slop (3.3.3)
    watir-webdriver (0.6.1)
      selenium-webdriver (>= 2.18.0)
    websocket (1.0.4)

PLATFORMS
  ruby

DEPENDENCIES
  cucumber
  pry
  rspec
  watir-webdriver
